GEM
  remote: http://rubygems.org/
  specs:
    activeresource (2.3.11)
      activesupport (= 2.3.11)
    activesupport (2.3.11)
    git (1.2.5)
    jeweler (1.6.4)
      bundler (~> 1.0)
      git (>= 1.2.5)
      rake
    rake (0.9.2)
    rcov (0.9.10)
    rspec (1.3.2)

PLATFORMS
  ruby

DEPENDENCIES
  activeresource (= 2.3.11)
  bundler (~> 1.0.0)
  jeweler (~> 1.6.4)
  rcov
  rspec (= 1.3.2)
